GIT
  remote: https://github.com/mikemackintosh/ffi-packets
  revision: 0620ce03d42218cbeb18a7f07dc4e6b1624907ea
  specs:
    ffi-packets (0.1.2)
      ffi
      ffi_dry
      ipaddress
      rspec

GIT
  remote: https://github.com/mikemackintosh/ipaddress
  revision: 0b5c3984581b7d9191bf04fc03eab6bc3a6248af
  branch: adding-#to_h
  specs:
    ipaddress (0.8.1)

GEM
  remote: https://rubygems.org/
  specs:
    coderay (1.1.0)
    diff-lcs (1.2.5)
    ffi (1.9.6)
    ffi-pcap (0.2.1)
      ffi (~> 1.0)
      ffi_dry (~> 0.1.12)
    ffi_dry (0.1.12)
      ffi (>= 0.5.0)
    hexdump (0.2.3)
    method_source (0.8.2)
    pry (0.10.1)
      coderay (~> 1.1.0)
      method_source (~> 0.8.1)
      slop (~> 3.4)
    rack (1.6.0)
    rack-protection (1.5.3)
      rack
    rspec (3.1.0)
      rspec-core (~> 3.1.0)
      rspec-expectations (~> 3.1.0)
      rspec-mocks (~> 3.1.0)
    rspec-core (3.1.7)
      rspec-support (~> 3.1.0)
    rspec-expectations (3.1.2)
      diff-lcs (>= 1.2.0, < 2.0)
      rspec-support (~> 3.1.0)
    rspec-mocks (3.1.3)
      rspec-support (~> 3.1.0)
    rspec-support (3.1.2)
    sinatra (1.4.5)
      rack (~> 1.4)
      rack-protection (~> 1.4)
      tilt (~> 1.3, >= 1.3.4)
    slop (3.6.0)
    tilt (1.4.1)

PLATFORMS
  ruby

DEPENDENCIES
  ffi-packets (= 0.1.2)!
  ffi-pcap
  hexdump
  ipaddress (= 0.8.1)!
  pry
  sinatra
