GEM
  remote: https://rubygems.org/
  specs:
    coderay (1.1.0)
    ffi (1.9.6)
    ffi-packets (0.1.0)
      ffi
      ffi_dry
    ffi-pcap (0.2.1)
      ffi (~> 1.0)
      ffi_dry (~> 0.1.12)
    ffi_dry (0.1.12)
      ffi (>= 0.5.0)
    hexdump (0.2.3)
    ipaddress (0.8.0)
    method_source (0.8.2)
    pry (0.10.1)
      coderay (~> 1.1.0)
      method_source (~> 0.8.1)
      slop (~> 3.4)
    rack (1.6.0)
    rack-protection (1.5.3)
      rack
    sinatra (1.4.5)
      rack (~> 1.4)
      rack-protection (~> 1.4)
      tilt (~> 1.3, >= 1.3.4)
    slop (3.6.0)
    tilt (1.4.1)

PLATFORMS
  ruby

DEPENDENCIES
  ffi-packets
  ffi-pcap
  hexdump
  ipaddress
  pry
  sinatra
